GEM
  remote: https://rubygems.org/
  specs:
    docopt (0.6.1)
    liquid (5.1.0)
    rake (13.0.6)
    rexml (3.2.5)
    rugged (1.2.0)
    xml-simple (1.1.9)
      rexml
    zip (2.0.2)

PLATFORMS
  x86_64-linux

DEPENDENCIES
  docopt
  liquid
  rake
  rugged
  xml-simple (~> 1.1, >= 1.1.5)
  zip

BUNDLED WITH
   2.2.28
