GEM
  remote: https://rubygems.org/
  specs:
    diff-lcs (1.3)
    docopt (0.6.1)
    liquid (4.0.3)
    power_assert (1.1.5)
    rake (12.3.3)
    rspec (3.8.0)
      rspec-core (~> 3.8.0)
      rspec-expectations (~> 3.8.0)
      rspec-mocks (~> 3.8.0)
    rspec-core (3.8.2)
      rspec-support (~> 3.8.0)
    rspec-expectations (3.8.4)
      diff-lcs (>= 1.2.0, < 2.0)
      rspec-support (~> 3.8.0)
    rspec-mocks (3.8.1)
      diff-lcs (>= 1.2.0, < 2.0)
      rspec-support (~> 3.8.0)
    rspec-support (3.8.2)
    rugged (0.28.3.1)
    test-unit (3.3.3)
      power_assert

PLATFORMS
  ruby

DEPENDENCIES
  docopt
  liquid (>= 4.0.0)
  rake
  rspec
  rugged (>= 0.26.0)
  test-unit (>= 2.5.5, < 4.0)

BUNDLED WITH
   1.16.2
