GEM
  remote: https://rubygems.org/
  specs:
    addressable (2.4.0)
    builder (3.2.3)
    ci_reporter (2.0.0)
      builder (>= 2.1.2)
    ci_reporter_test_unit (1.0.1)
      ci_reporter (~> 2.0)
      test-unit (>= 2.5.5, < 4.0)
    crack (0.4.3)
      safe_yaml (~> 1.0.0)
    descendants_tracker (0.0.4)
      thread_safe (~> 0.3, >= 0.3.1)
    diff-lcs (1.3)
    docile (1.3.1)
    docopt (0.6.1)
    faraday (0.9.2)
      multipart-post (>= 1.2, < 3)
    flexmock (2.3.6)
    gash (0.1.4)
      open4 (>= 0.9.6)
    git (1.4.0)
    github_api (0.16.0)
      addressable (~> 2.4.0)
      descendants_tracker (~> 0.0.4)
      faraday (~> 0.8, < 0.10)
      hashie (>= 3.4)
      mime-types (>= 1.16, < 3.0)
      oauth2 (~> 1.0)
    gli (2.17.1)
    grancher (0.1.5)
      gash
    hashie (3.5.7)
    highline (2.0.0)
    jeweler (2.3.9)
      builder
      bundler
      git (>= 1.2.5)
      github_api (~> 0.16.0)
      highline (>= 1.6.15)
      nokogiri (>= 1.5.10)
      psych
      rake
      rdoc
      semver2
    json (2.1.0)
    jwt (1.5.6)
    liquid (4.0.0)
    mercurial-ruby (0.7.12)
      open4 (~> 1.3.0)
    mime-types (2.99.3)
    mini_portile2 (2.3.0)
    multi_json (1.13.1)
    multi_xml (0.6.0)
    multipart-post (2.0.0)
    nokogiri (1.8.3)
      mini_portile2 (~> 2.3.0)
    nokogiri (1.8.3-x64-mingw32)
      mini_portile2 (~> 2.3.0)
    oauth2 (1.4.0)
      faraday (>= 0.8, < 0.13)
      jwt (~> 1.0)
      multi_json (~> 1.3)
      multi_xml (~> 0.5)
      rack (>= 1.2, < 3)
    open4 (1.3.4)
    pdfkit (0.8.2)
    power_assert (1.1.3)
    psych (3.0.2)
    psych (3.0.2-x64-mingw32)
    rack (2.2.3)
    rainbow (3.0.0)
    rake (12.3.1)
    rdoc (6.0.4)
    rspec (3.7.0)
      rspec-core (~> 3.7.0)
      rspec-expectations (~> 3.7.0)
      rspec-mocks (~> 3.7.0)
    rspec-core (3.7.1)
      rspec-support (~> 3.7.0)
    rspec-expectations (3.7.0)
      diff-lcs (>= 1.2.0, < 2.0)
      rspec-support (~> 3.7.0)
    rspec-mocks (3.7.0)
      diff-lcs (>= 1.2.0, < 2.0)
      rspec-support (~> 3.7.0)
    rspec-support (3.7.1)
    ruby-fogbugz (0.3.0)
      crack (~> 0.4)
      multipart-post (~> 2.0)
    rugged (0.24.6.1)
    safe_yaml (1.0.4)
    sdoc (1.0.0)
      rdoc (>= 5.0)
    semver2 (3.4.2)
    simplecov (0.16.1)
      docile (~> 1.1)
      json (>= 1.8, < 3)
      simplecov-html (~> 0.10.0)
    simplecov-html (0.10.2)
    simplecov-rcov (0.2.3)
      simplecov (>= 0.4.1)
    test-unit (3.2.8)
      power_assert
    thread_safe (0.3.6)
    trac4r (1.2.4)
      gli
      gli (>= 1.1.0)
      grancher
      jeweler
      rainbow
      rainbow (>= 1.0.4)
      sdoc
    xml-simple (1.1.5)
    xmlrpc (0.2.1)
    zip (2.0.2)

PLATFORMS
  ruby
  x64-mingw32

DEPENDENCIES
  ci_reporter_test_unit
  docopt
  flexmock
  liquid
  mercurial-ruby
  pdfkit
  rake
  rspec
  ruby-fogbugz
  rugged (~> 0.24.0)
  simplecov
  simplecov-rcov
  trac4r
  xml-simple (~> 1.1, >= 1.1.5)
  xmlrpc
  zip

BUNDLED WITH
   1.14.6
